GEM
  remote: http://rubygems.org/
  specs:
    actionmailer (2.3.4)
      actionpack (= 2.3.4)
    actionpack (2.3.4)
      activesupport (= 2.3.4)
      rack (~> 1.0.0)
    activerecord (2.3.4)
      activesupport (= 2.3.4)
    activeresource (2.3.4)
      activesupport (= 2.3.4)
    activesupport (2.3.4)
    columnize (0.3.4)
    daemon_controller (0.2.6)
    faker (1.0.1)
      i18n (~> 0.4)
    fastthread (1.0.7)
    flexmock (0.9.0)
    i18n (0.6.0)
    json (1.6.1)
    libxml-ruby (2.2.2)
    linecache (0.46)
      rbx-require-relative (> 0.0.4)
    mysql (2.8.1)
    passenger (3.0.9)
      daemon_controller (>= 0.2.5)
      fastthread (>= 1.0.1)
      rack
      rake (>= 0.8.1)
    prawn (0.5.0.1)
      prawn-core (~> 0.5.0)
      prawn-format (~> 0.2.0)
      prawn-layout (~> 0.2.0)
    prawn-core (0.5.0.1)
    prawn-format (0.2.0.1)
      prawn-core
    prawn-layout (0.2.0.1)
    rack (1.0.1)
    rails (2.3.4)
      actionmailer (= 2.3.4)
      actionpack (= 2.3.4)
      activerecord (= 2.3.4)
      activeresource (= 2.3.4)
      activesupport (= 2.3.4)
      rake (>= 0.8.3)
    rake (0.9.2)
    rbx-require-relative (0.0.5)
    rspec (1.3.2)
    rspec-rails (1.3.2)
      rack (>= 1.0.0)
      rspec (>= 1.3.0)
    ruby-debug (0.10.4)
      columnize (>= 0.1)
      ruby-debug-base (~> 0.10.4.0)
    ruby-debug-base (0.10.4)
      linecache (>= 0.3)
    ruby-ole (1.2.11.2)
    spreadsheet (0.6.5.9)
      ruby-ole (>= 1.0)
    system_timer (1.2.4)

PLATFORMS
  ruby

DEPENDENCIES
  faker
  flexmock
  json
  libxml-ruby
  mysql
  passenger
  prawn (~> 0.5.0.1)
  prawn-core (~> 0.5.0.1)
  prawn-format (~> 0.2.0.1)
  prawn-layout (~> 0.2.0.1)
  rack (= 1.0.1)
  rails (= 2.3.4)
  rspec (= 1.3.2)
  rspec-rails (= 1.3.2)
  ruby-debug
  spreadsheet (~> 0.6.5)
  system_timer
